PATH
  remote: .
  specs:
    deli-lang (0.1.0)

GEM
  remote: https://rubygems.org/
  specs:
    ast (2.4.2)
    json (2.6.3)
    language_server-protocol (3.17.0.3)
    minitest (5.18.0)
    parallel (1.22.1)
    parser (3.2.1.0)
      ast (~> 2.4.1)
    prettier_print (1.2.0)
    rainbow (3.1.1)
    rake (13.0.6)
    regexp_parser (2.7.0)
    rexml (3.3.6)
      strscan
    rubocop (1.47.0)
      json (~> 2.3)
      parallel (~> 1.10)
      parser (>= 3.2.0.0)
      rainbow (>= 2.2.2, < 4.0)
      regexp_parser (>= 1.8, < 3.0)
      rexml (>= 3.2.5, < 4.0)
      rubocop-ast (>= 1.26.0, < 2.0)
      ruby-progressbar (~> 1.7)
      unicode-display_width (>= 2.4.0, < 3.0)
    rubocop-ast (1.27.0)
      parser (>= 3.2.1.0)
    rubocop-minitest (0.27.0)
      rubocop (>= 0.90, < 2.0)
    rubocop-rake (0.6.0)
      rubocop (~> 1.0)
    ruby-lsp (0.3.8)
      language_server-protocol (~> 3.17.0)
      sorbet-runtime
      syntax_tree (>= 5.0.0, < 6)
    ruby-progressbar (1.13.0)
    sorbet (0.5.10696)
      sorbet-static (= 0.5.10696)
    sorbet-runtime (0.5.10696)
    sorbet-static (0.5.10696-universal-darwin-22)
    sorbet-static (0.5.10696-x86_64-linux)
    strscan (3.1.0)
    syntax_tree (5.3.0)
      prettier_print (>= 1.2.0)
    unicode-display_width (2.4.2)

PLATFORMS
  arm64-darwin-22
  x86_64-linux

DEPENDENCIES
  deli-lang!
  minitest (~> 5.17)
  rake (~> 13.0)
  rubocop (~> 1.42)
  rubocop-minitest (~> 0.27.0)
  rubocop-rake (~> 0.6.0)
  ruby-lsp (~> 0.3.8)
  sorbet (~> 0.5.10648)
  sorbet-runtime (~> 0.5.10648)

BUNDLED WITH
   2.4.7
